GEM
  remote: http://rubygems.org/
  specs:
    fakeweb (1.3.0)
    git (1.2.5)
    nokogiri (1.5.0)

PLATFORMS
  ruby

DEPENDENCIES
  fakeweb
  git
  nokogiri
